GEM
  remote: https://rubygems.org/
  specs:
    amatch (0.4.1)
      mize
      tins (~> 1.0)
    ast (2.4.2)
    builder (3.2.4)
    chutney (3.2.1)
      amatch (~> 0.4.0)
      cuke_modeler (~> 3.3)
      i18n (>= 1.8.2, < 1.12.0)
      pastel (~> 0.7)
      tty-pie (~> 0.3)
    concurrent-ruby (1.1.10)
    config (4.0.0)
      deep_merge (~> 1.2, >= 1.2.1)
      dry-validation (~> 1.0, >= 1.0.0)
    cucumber (7.1.0)
      builder (~> 3.2, >= 3.2.4)
      cucumber-core (~> 10.1, >= 10.1.0)
      cucumber-create-meta (~> 6.0, >= 6.0.1)
      cucumber-cucumber-expressions (~> 14.0, >= 14.0.0)
      cucumber-gherkin (~> 22.0, >= 22.0.0)
      cucumber-html-formatter (~> 17.0, >= 17.0.0)
      cucumber-messages (~> 17.1, >= 17.1.1)
      cucumber-wire (~> 6.2, >= 6.2.0)
      diff-lcs (~> 1.4, >= 1.4.4)
      mime-types (~> 3.3, >= 3.3.1)
      multi_test (~> 0.1, >= 0.1.2)
      sys-uname (~> 1.2, >= 1.2.2)
    cucumber-core (10.1.1)
      cucumber-gherkin (~> 22.0, >= 22.0.0)
      cucumber-messages (~> 17.1, >= 17.1.1)
      cucumber-tag-expressions (~> 4.1, >= 4.1.0)
    cucumber-create-meta (6.0.4)
      cucumber-messages (~> 17.1, >= 17.1.1)
      sys-uname (~> 1.2, >= 1.2.2)
    cucumber-cucumber-expressions (14.0.0)
    cucumber-gherkin (22.0.0)
      cucumber-messages (~> 17.1, >= 17.1.1)
    cucumber-html-formatter (17.0.0)
      cucumber-messages (~> 17.1, >= 17.1.0)
    cucumber-messages (17.1.1)
    cucumber-tag-expressions (4.1.0)
    cucumber-wire (6.2.1)
      cucumber-core (~> 10.1, >= 10.1.0)
      cucumber-cucumber-expressions (~> 14.0, >= 14.0.0)
    cuke_modeler (3.17.0)
      cucumber-gherkin (< 25.0)
    deep_merge (1.2.2)
    diff-lcs (1.5.0)
    dry-configurable (0.15.0)
      concurrent-ruby (~> 1.0)
      dry-core (~> 0.6)
    dry-container (0.10.1)
      concurrent-ruby (~> 1.0)
    dry-core (0.8.1)
      concurrent-ruby (~> 1.0)
    dry-inflector (0.3.0)
    dry-initializer (3.1.1)
    dry-logic (1.2.0)
      concurrent-ruby (~> 1.0)
      dry-core (~> 0.5, >= 0.5)
    dry-schema (1.10.2)
      concurrent-ruby (~> 1.0)
      dry-configurable (~> 0.13, >= 0.13.0)
      dry-core (~> 0.5, >= 0.5)
      dry-initializer (~> 3.0)
      dry-logic (~> 1.0)
      dry-types (~> 1.5)
    dry-types (1.5.1)
      concurrent-ruby (~> 1.0)
      dry-container (~> 0.3)
      dry-core (~> 0.5, >= 0.5)
      dry-inflector (~> 0.1, >= 0.1.2)
      dry-logic (~> 1.0, >= 1.0.2)
    dry-validation (1.8.1)
      concurrent-ruby (~> 1.0)
      dry-container (~> 0.7, >= 0.7.1)
      dry-core (~> 0.5, >= 0.5)
      dry-initializer (~> 3.0)
      dry-schema (~> 1.8, >= 1.8.0)
    ffi (1.15.5)
    httparty (0.20.0)
      mime-types (~> 3.0)
      multi_xml (>= 0.5.2)
    i18n (1.11.0)
      concurrent-ruby (~> 1.0)
    json (2.6.2)
    mime-types (3.4.1)
      mime-types-data (~> 3.2015)
    mime-types-data (3.2022.0105)
    mize (0.4.0)
      protocol (~> 2.0)
    multi_test (0.1.2)
    multi_xml (0.6.0)
    parallel (1.22.1)
    parser (3.1.2.1)
      ast (~> 2.4.1)
    pastel (0.8.0)
      tty-color (~> 0.5)
    protocol (2.0.0)
      ruby_parser (~> 3.0)
    rainbow (3.1.1)
    regexp_parser (2.5.0)
    rexml (3.2.5)
    rspec-expectations (3.11.0)
      diff-lcs (>= 1.2.0, < 2.0)
      rspec-support (~> 3.11.0)
    rspec-support (3.11.0)
    rubocop (1.36.0)
      json (~> 2.3)
      parallel (~> 1.10)
      parser (>= 3.1.2.1)
      rainbow (>= 2.2.2, < 4.0)
      regexp_parser (>= 1.8, < 3.0)
      rexml (>= 3.2.5, < 4.0)
      rubocop-ast (>= 1.20.1, < 2.0)
      ruby-progressbar (~> 1.7)
      unicode-display_width (>= 1.4.0, < 3.0)
    rubocop-ast (1.21.0)
      parser (>= 3.1.1.0)
    ruby-progressbar (1.11.0)
    ruby_parser (3.19.1)
      sexp_processor (~> 4.16)
    sexp_processor (4.16.1)
    sync (0.5.0)
    sys-uname (1.2.2)
      ffi (~> 1.1)
    tins (1.31.1)
      sync
    tty-color (0.6.0)
    tty-cursor (0.7.1)
    tty-pie (0.4.0)
      pastel (~> 0.8)
      tty-cursor (~> 0.7)
    unicode-display_width (2.2.0)

PLATFORMS
  x86_64-darwin-21

DEPENDENCIES
  bundler (= 2.3.11)
  chutney (~> 3.2)
  config (~> 4.0)
  cucumber (~> 7.1)
  httparty (~> 0.20)
  json (~> 2.6)
  rspec-expectations (~> 3.11)
  rubocop

BUNDLED WITH
   2.3.11
